GEM
  remote: https://rubygems.org/
  specs:
    async_sinatra (1.2.1)
      rack (>= 1.4.1)
      sinatra (>= 1.3.2)
    byebug (9.0.5)
    diff-lcs (1.2.5)
    dotenv (2.1.1)
    eventmachine (1.0.9.1)
    foreman (0.78.0)
      thor (~> 0.19.1)
    hashr (2.0.0)
    json (1.8.2)
    json-minify (0.0.2)
      json (> 0)
    kgio (2.10.0)
    newrelic_rpm (3.6.0.78)
    power_assert (0.2.6)
    rack (1.5.2)
    rack-protection (1.5.3)
      rack
    rack-test (0.6.3)
      rack (>= 1.0)
    rainbows (4.5.0)
      kgio (~> 2.5)
      rack (~> 1.1)
      unicorn (~> 4.6, >= 4.6.2)
    raindrops (0.16.0)
    rspec (3.5.0)
      rspec-core (~> 3.5.0)
      rspec-expectations (~> 3.5.0)
      rspec-mocks (~> 3.5.0)
    rspec-core (3.5.3)
      rspec-support (~> 3.5.0)
    rspec-expectations (3.5.0)
      diff-lcs (>= 1.2.0, < 2.0)
      rspec-support (~> 3.5.0)
    rspec-mocks (3.5.0)
      diff-lcs (>= 1.2.0, < 2.0)
      rspec-support (~> 3.5.0)
    rspec-rainbow (0.2.1)
      rspec (>= 2.14.0, < 4)
    rspec-support (3.5.0)
    sinatra (1.4.7)
      rack (~> 1.5)
      rack-protection (~> 1.4)
      tilt (>= 1.3, < 3)
    test-unit (3.1.5)
      power_assert
    thor (0.19.1)
    tilt (2.0.2)
    unicorn (4.6.2)
      kgio (~> 2.6)
      rack
      raindrops (~> 0.7)

PLATFORMS
  ruby

DEPENDENCIES
  async_sinatra
  byebug
  dotenv
  eventmachine (= 1.0.9.1)
  foreman
  hashr
  json-minify
  newrelic_rpm
  rack-test
  rainbows
  rspec
  rspec-rainbow
  sinatra
  test-unit

BUNDLED WITH
   1.11.2
